GEM
  remote: https://rubygems.org/
  specs:
    activesupport (4.2.6)
      i18n (~> 0.7)
      json (~> 1.7, >= 1.7.7)
      minitest (~> 5.1)
      thread_safe (~> 0.3, >= 0.3.4)
      tzinfo (~> 1.1)
    addressable (2.4.0)
    ast (2.3.0)
    backports (3.6.8)
    builder (3.2.2)
    coffee-script (2.4.1)
      coffee-script-source
      execjs
    coffee-script-source (1.10.0)
    compass-import-once (1.0.5)
      sass (>= 3.2, < 3.5)
    concurrent-ruby (1.0.2)
    contracts (0.13.0)
    dotenv (2.1.1)
    em-websocket (0.5.1)
      eventmachine (>= 0.12.9)
      http_parser.rb (~> 0.6.0)
    erubis (2.7.0)
    eventmachine (1.2.0.1)
    execjs (2.7.0)
    faraday (0.9.2)
      multipart-post (>= 1.2, < 3)
    fast_blank (1.0.0)
    fastimage (2.0.0)
      addressable (~> 2)
    ffi (1.9.10)
    flay (2.8.0)
      erubis (~> 2.7.0)
      path_expander (~> 1.0)
      ruby_parser (~> 3.0)
      sexp_processor (~> 4.0)
    gitlab (3.6.1)
      httparty
      terminal-table
    haml (4.0.7)
      tilt
    hamster (3.0.0)
      concurrent-ruby (~> 1.0)
    hashie (3.4.4)
    http_parser.rb (0.6.0)
    httparty (0.13.7)
      json (~> 1.8)
      multi_xml (>= 0.5.2)
    i18n (0.7.0)
    json (1.8.3)
    kramdown (1.11.1)
    listen (3.0.8)
      rb-fsevent (~> 0.9, >= 0.9.4)
      rb-inotify (~> 0.9, >= 0.9.7)
    memoist (0.14.0)
    middleman (4.1.9)
      coffee-script (~> 2.2)
      compass-import-once (= 1.0.5)
      haml (>= 4.0.5)
      kramdown (~> 1.2)
      middleman-cli (= 4.1.9)
      middleman-core (= 4.1.9)
      sass (>= 3.4.0, < 4.0)
    middleman-blog (4.0.1)
      addressable (~> 2.3)
      middleman-core (>= 4.0.0)
      tzinfo (>= 0.3.0)
    middleman-cli (4.1.9)
      thor (>= 0.17.0, < 2.0)
    middleman-core (4.1.9)
      activesupport (~> 4.2)
      addressable (~> 2.3)
      backports (~> 3.6)
      bundler (~> 1.1)
      contracts (~> 0.13.0)
      dotenv
      erubis
      execjs (~> 2.0)
      fast_blank
      fastimage (~> 2.0)
      hamster (~> 3.0)
      hashie (~> 3.4)
      i18n (~> 0.7.0)
      listen (~> 3.0.0)
      memoist (~> 0.14)
      padrino-helpers (~> 0.13.0)
      parallel
      rack (>= 1.4.5, < 2.0)
      sass (>= 3.4)
      servolux
      tilt (~> 1.4.1)
      uglifier (~> 3.0)
    middleman-disqus (1.2.0)
      middleman-core (~> 4.0)
    middleman-livereload (3.4.6)
      em-websocket (~> 0.5.1)
      middleman-core (>= 3.3)
      rack-livereload (~> 0.3.15)
    minitest (5.9.0)
    multi_xml (0.5.5)
    multipart-post (2.0.0)
    octokit (4.3.0)
      sawyer (~> 0.7.0, >= 0.5.3)
    padrino-helpers (0.13.2)
      i18n (~> 0.6, >= 0.6.7)
      padrino-support (= 0.13.2)
      tilt (>= 1.4.1, < 3)
    padrino-support (0.13.2)
      activesupport (>= 3.1)
    parallel (1.9.0)
    parser (2.3.1.2)
      ast (~> 2.2)
    path_expander (1.0.0)
    powerpack (0.1.1)
    pronto (0.6.0)
      gitlab (~> 3.6, >= 3.4.0)
      octokit (~> 4.3, >= 4.1.0)
      rugged (~> 0.24, >= 0.23.0)
      thor (~> 0.19.0)
    pronto-flay (0.6.2)
      flay (~> 2.8)
      pronto (~> 0.6.0)
    pronto-rubocop (0.6.2)
      pronto (~> 0.6.0)
      rubocop (~> 0.38, >= 0.35.0)
    pronto-scss (0.6.0)
      pronto (~> 0.6.0)
      scss_lint (~> 0.43, >= 0.43.0)
    rack (1.6.4)
    rack-livereload (0.3.16)
      rack
    rainbow (2.1.0)
    rake (12.3.3)
    rb-fsevent (0.9.7)
    rb-inotify (0.9.7)
      ffi (>= 0.5.0)
    redcarpet (3.5.1)
    rubocop (0.41.1)
      parser (>= 2.3.1.1, < 3.0)
      powerpack (~> 0.1)
      rainbow (>= 1.99.1, < 3.0)
      ruby-progressbar (~> 1.7)
      unicode-display_width (~> 1.0, >= 1.0.1)
    ruby-progressbar (1.8.1)
    ruby_parser (3.8.2)
      sexp_processor (~> 4.1)
    rugged (0.24.0)
    sass (3.4.25)
    sawyer (0.7.0)
      addressable (>= 2.3.5, < 2.5)
      faraday (~> 0.8, < 0.10)
    scss_lint (0.55.0)
      rake (>= 0.9, < 13)
      sass (~> 3.4.20)
    servolux (0.12.0)
    sexp_processor (4.7.0)
    terminal-table (1.6.0)
    thor (0.19.1)
    thread_safe (0.3.5)
    tilt (1.4.1)
    tzinfo (1.2.2)
      thread_safe (~> 0.1)
    uglifier (3.0.0)
      execjs (>= 0.3.0, < 3)
    unicode-display_width (1.1.0)

PLATFORMS
  ruby

DEPENDENCIES
  builder (~> 3.0)
  middleman (~> 4.1, >= 4.1.2)
  middleman-blog
  middleman-disqus (~> 1.2)
  middleman-livereload (~> 3.4, >= 3.4.5)
  pronto
  pronto-flay
  pronto-rubocop
  pronto-scss
  redcarpet (~> 3.5)
  tzinfo-data
  wdm (~> 0.1.0)

BUNDLED WITH
   1.12.5
